PATH
  remote: .
  specs:
    playwright-cli (0.1.12)
      colorize (~> 0.1)
      git (~> 1.3)
      hanami-cli (~> 0.1)
      os (~> 1.0)

GEM
  remote: https://rubygems.org/
  specs:
    coderay (1.1.2)
    colorize (0.8.1)
    concurrent-ruby (1.0.5)
    diff-lcs (1.3)
    git (1.3.0)
    hanami-cli (0.1.1)
      concurrent-ruby (~> 1.0)
      hanami-utils (~> 1.1)
    hanami-utils (1.1.2)
      concurrent-ruby (~> 1.0)
      transproc (~> 1.0)
    memfs (1.0.0)
    method_source (0.9.0)
    os (1.0.0)
    pry (0.9.12.6)
      coderay (~> 1.0)
      method_source (~> 0.8)
      slop (~> 3.4)
    pry-nav (0.2.4)
      pry (>= 0.9.10, < 0.11.0)
    rake (10.5.0)
    rspec (3.7.0)
      rspec-core (~> 3.7.0)
      rspec-expectations (~> 3.7.0)
      rspec-mocks (~> 3.7.0)
    rspec-core (3.7.1)
      rspec-support (~> 3.7.0)
    rspec-expectations (3.7.0)
      diff-lcs (>= 1.2.0, < 2.0)
      rspec-support (~> 3.7.0)
    rspec-mocks (3.7.0)
      diff-lcs (>= 1.2.0, < 2.0)
      rspec-support (~> 3.7.0)
    rspec-support (3.7.1)
    slop (3.6.0)
    transproc (1.0.2)

PLATFORMS
  ruby

DEPENDENCIES
  bundler (~> 1.16)
  memfs (~> 1.0)
  playwright-cli!
  pry (~> 0.9.0)
  pry-nav (~> 0.2.4)
  rake (~> 10.0)
  rspec (~> 3.0)

BUNDLED WITH
   1.16.1
